GIT
  remote: https://github.com/rodjek/puppet-lint.git
  revision: eec92c19ccfbf558890124d4436bfe7d0e8879e5
  specs:
    puppet-lint (1.1.0)

GEM
  remote: https://rubygems.org/
  specs:
    CFPropertyList (2.2.8)
    diff-lcs (1.2.5)
    facter (2.4.6)
      CFPropertyList (~> 2.2.6)
    facterdb (0.3.5)
      facter
      jgrep
    hiera (1.3.4)
      json_pure
    jgrep (1.4.0)
      json
    json (1.8.3)
    json_pure (1.8.3)
    mcollective-client (2.8.4)
      json
      stomp
      systemu
    metaclass (0.0.4)
    metadata-json-lint (0.0.11)
      json
      spdx-licenses (~> 1.0)
    mocha (1.1.0)
      metaclass (~> 0.0.1)
    puppet (3.7.5)
      facter (> 1.6, < 3)
      hiera (~> 1.0)
      json_pure
    puppet-syntax (2.1.0)
      rake
    puppetlabs_spec_helper (1.1.1)
      mocha
      puppet-lint
      puppet-syntax
      rake
      rspec-puppet
    rake (10.5.0)
    rspec (3.4.0)
      rspec-core (~> 3.4.0)
      rspec-expectations (~> 3.4.0)
      rspec-mocks (~> 3.4.0)
    rspec-core (3.4.4)
      rspec-support (~> 3.4.0)
    rspec-expectations (3.4.0)
      diff-lcs (>= 1.2.0, < 2.0)
      rspec-support (~> 3.4.0)
    rspec-mocks (3.4.1)
      diff-lcs (>= 1.2.0, < 2.0)
      rspec-support (~> 3.4.0)
    rspec-puppet (2.4.0)
      rspec
    rspec-puppet-facts (1.5.0)
      facter
      facterdb (>= 0.3.0)
      json
      mcollective-client
      puppet
    rspec-support (3.4.1)
    spdx-licenses (1.1.0)
    stomp (1.3.5)
    systemu (2.6.5)

PLATFORMS
  ruby

DEPENDENCIES
  metadata-json-lint
  puppet (~> 3.7.0)
  puppet-lint!
  puppet-syntax
  puppetlabs_spec_helper
  rake (< 11.x)
  rspec
  rspec-puppet (~> 2.0)
  rspec-puppet-facts

BUNDLED WITH
   1.12.3
